GEM
  remote: https://rubygems.org/
  specs:
    puma (~> 4.3)
    sinatra (~> 2.0)
    cowsay (~> 0.3.0)

PLATFORMS
  ruby

DEPENDENCIES
  puma
  synatra
  cowsay

RUBY VERSION
   ruby 2.6.6p146

BUNDLED WITH
   2.2.15
